PATH
  remote: .
  specs:
    console_tweet (0.1.5)
      twitter_oauth (>= 0.4.9)

GEM
  remote: http://rubygems.org/
  specs:
    diff-lcs (1.2.4)
    json (2.3.1)
    mime-types (1.23)
    oauth (0.4.7)
    rspec (2.13.0)
      rspec-core (~> 2.13.0)
      rspec-expectations (~> 2.13.0)
      rspec-mocks (~> 2.13.0)
    rspec-core (2.13.1)
    rspec-expectations (2.13.0)
      diff-lcs (>= 1.1.3, < 2.0)
    rspec-mocks (2.13.1)
    twitter_oauth (0.4.93)
      json (>= 1.8.0)
      mime-types (>= 1.16)
      oauth (>= 0.4.7)

PLATFORMS
  ruby

DEPENDENCIES
  console_tweet!
  rspec
